PATH
  remote: .
  specs:
    nyt-bestsellers (0.0.5)

GEM
  remote: https://rubygems.org/
  specs:
    coderay (1.1.1)
    colorize (0.8.1)
    diff-lcs (1.2.5)
    hoe (3.18.1)
      rake (>= 0.8, < 13.0)
    mechanize (0.9.3)
      hoe (>= 1.12.2)
      nokogiri (>= 1.2.1)
    method_source (0.8.2)
    mini_portile2 (2.4.0)
    nokogiri (1.10.4)
      mini_portile2 (~> 2.4.0)
    pry (0.10.4)
      coderay (~> 1.1.0)
      method_source (~> 0.8.1)
      slop (~> 3.4)
    rake (10.5.0)
    rspec (3.5.0)
      rspec-core (~> 3.5.0)
      rspec-expectations (~> 3.5.0)
      rspec-mocks (~> 3.5.0)
    rspec-core (3.5.3)
      rspec-support (~> 3.5.0)
    rspec-expectations (3.5.0)
      diff-lcs (>= 1.2.0, < 2.0)
      rspec-support (~> 3.5.0)
    rspec-mocks (3.5.0)
      diff-lcs (>= 1.2.0, < 2.0)
      rspec-support (~> 3.5.0)
    rspec-support (3.5.0)
    slop (3.6.0)

PLATFORMS
  ruby

DEPENDENCIES
  bundler (~> 1.11)
  colorize (~> 0)
  mechanize (~> 0)
  nokogiri (~> 1)
  nyt-bestsellers!
  pry (~> 0)
  rake (~> 10.0)
  rspec (~> 3.0)

BUNDLED WITH
   1.11.2
